GEM
  remote: https://rubygems.org/
  specs:
    curb (0.9.1)

PLATFORMS
  ruby

DEPENDENCIES
  curb

BUNDLED WITH
   1.11.2
